NUGET
  remote: https://nuget.org/api/v2
  specs:
    AForge (2.2.5)
    AForge.Imaging (2.2.5)
      AForge (>= 2.2.5)
      AForge.Math (>= 2.2.5)
    AForge.Math (2.2.5)
      AForge (>= 2.2.5)
    Appfail.WebForms (1.1.0)
    AWSSDK (2.3.38.0)
      Microsoft.Net.Http (>= 2.1.10) - framework: wpv8.0
    DotNetZip.Reduced (1.9.1.8)
    Microsoft.Bcl (1.1.10)
      Microsoft.Bcl.Build (>= 1.0.14)
    Microsoft.Bcl.Build (1.0.21)
    Microsoft.Data.Edm (5.6.4)
    Microsoft.Data.OData (5.6.4)
      Microsoft.Data.Edm (5.6.4)
      System.Spatial (5.6.4)
    Microsoft.Data.Services.Client (5.6.4) - framework: >= net40
      Microsoft.Data.OData (5.6.4)
    Microsoft.Net.Http (2.2.29) - framework: wpv8.0
      Microsoft.Bcl (>= 1.1.10)
      Microsoft.Bcl.Build (>= 1.0.14)
    Microsoft.WindowsAzure.ConfigurationManager (3.1.0) - framework: >= net40
    mongocsharpdriver (2.0.0)
      MongoDB.Bson (>= 2.0.0)
      MongoDB.Driver (>= 2.0.0)
      MongoDB.Driver.Core (>= 2.0.0)
    MongoDB.Bson (2.0.0)
    MongoDB.Driver (2.0.0)
      MongoDB.Bson (>= 2.0.0)
      MongoDB.Driver.Core (>= 2.0.0)
    MongoDB.Driver.Core (2.0.0)
      MongoDB.Bson (>= 2.0.0)
    Newtonsoft.Json (6.0.8) - framework: wpv8.0, >= net40
    NLog (3.2.1)
    OpenCvSharp-WithoutDll (2.4.10.20150309)
    System.Spatial (5.6.4)
    WindowsAzure.Storage (4.3.0)
      Microsoft.Data.OData (>= 5.6.2)
      Microsoft.Data.Services.Client (>= 5.6.2) - framework: >= net40
      Microsoft.WindowsAzure.ConfigurationManager (>= 1.8.0.0) - framework: >= net40
      Newtonsoft.Json (>= 5.0.8) - framework: wpv8.0, >= net40
  remote: https://www.myget.org/F/imazen-nightlies
  specs:
    ImageResizer (4.0.0-prerelease0869)
    ImageResizer.Mvc (4.0.0-prerelease0869)
      ImageResizer (>= 4.0.0-prerelease0869)
    ImageResizer.MvcWebConfig (4.0.0-prerelease0869)
      ImageResizer (>= 4.0.0-prerelease0869)
      ImageResizer.WebConfig (>= 4.0.0-prerelease0869)
    ImageResizer.Plugins.AdvancedFilters (4.0.0-prerelease0869)
      AForge.Imaging
      ImageResizer (>= 4.0.0-prerelease0869)
    ImageResizer.Plugins.AnimatedGifs (4.0.0-prerelease0869)
      ImageResizer (>= 4.0.0-prerelease0869)
    ImageResizer.Plugins.AzureReader2 (4.0.0-prerelease0869)
      ImageResizer (>= 4.0.0-prerelease0869)
      ImageResizer.Storage (>= 4.0.0-prerelease0869)
      WindowsAzure.Storage (>= 2.0)
    ImageResizer.Plugins.BatchZipper (4.0.0-prerelease0869)
      DotNetZip.Reduced
      ImageResizer (>= 4.0.0-prerelease0869)
    ImageResizer.Plugins.CloudFront (4.0.0-prerelease0869)
      ImageResizer (>= 4.0.0-prerelease0869)
    ImageResizer.Plugins.CopyMetadata (4.0.0-prerelease0869)
      ImageResizer (>= 4.0.0-prerelease0869)
    ImageResizer.Plugins.DiagnosticJson (4.0.0-prerelease0869)
      ImageResizer (>= 4.0.0-prerelease0869)
    ImageResizer.Plugins.DiskCache (4.0.0-prerelease0869)
      ImageResizer (>= 4.0.0-prerelease0869)
    ImageResizer.Plugins.Faces (4.0.0-prerelease0869)
      ImageResizer (>= 4.0.0-prerelease0869)
      OpenCvSharp-WithoutDll (>= 2.4.10.20141111)
    ImageResizer.Plugins.FastScaling.x86 (4.0.0-prerelease0869)
      ImageResizer (>= 4.0.0-prerelease0869)
    ImageResizer.Plugins.FFmpeg (4.0.0-prerelease0869)
      ImageResizer (>= 4.0.0-prerelease0869)
    ImageResizer.Plugins.FreeImage (4.0.0-prerelease0869)
      ImageResizer (>= 4.0.0-prerelease0869)
    ImageResizer.Plugins.Logging (4.0.0-prerelease0869)
      ImageResizer (>= 4.0.0-prerelease0869)
      NLog
    ImageResizer.Plugins.MongoReader (4.0.0-prerelease0869)
      ImageResizer (>= 4.0.0-prerelease0869)
      ImageResizer.Storage (>= 4.0.0-prerelease0869)
      mongocsharpdriver
    ImageResizer.Plugins.PdfiumRenderer (4.0.0-prerelease0869)
      ImageResizer (>= 4.0.0-prerelease0869)
    ImageResizer.Plugins.PdfRenderer (4.0.0-prerelease0869)
      ImageResizer (>= 4.0.0-prerelease0869)
    ImageResizer.Plugins.PrettyGifs (4.0.0-prerelease0869)
      ImageResizer (>= 4.0.0-prerelease0869)
    ImageResizer.Plugins.PsdComposer (4.0.0-prerelease0869)
      ImageResizer (>= 4.0.0-prerelease0869)
    ImageResizer.Plugins.PsdReader (4.0.0-prerelease0869)
      ImageResizer (>= 4.0.0-prerelease0869)
    ImageResizer.Plugins.RedEye (4.0.0-prerelease0869)
      ImageResizer (>= 4.0.0-prerelease0869)
      ImageResizer.Plugins.Faces (>= 4.0.0-prerelease0869)
      OpenCvSharp-WithoutDll (>= 2.4.10.20141111)
    ImageResizer.Plugins.RemoteReader (4.0.0-prerelease0869)
      ImageResizer (>= 4.0.0-prerelease0869)
    ImageResizer.Plugins.S3Reader2 (4.0.0-prerelease0869)
      AWSSDK (>= 2.0 < 3.0)
      ImageResizer (>= 4.0.0-prerelease0869)
      ImageResizer.Storage (>= 4.0.0-prerelease0869)
    ImageResizer.Plugins.SeamCarving (4.0.0-prerelease0869)
      ImageResizer (>= 4.0.0-prerelease0869)
    ImageResizer.Plugins.SimpleFilters (4.0.0-prerelease0869)
      ImageResizer (>= 4.0.0-prerelease0869)
    ImageResizer.Plugins.SqlReader (4.0.0-prerelease0869)
      ImageResizer (>= 4.0.0-prerelease0869)
      ImageResizer.Storage (>= 4.0.0-prerelease0869)
    ImageResizer.Plugins.TinyCache (4.0.0-prerelease0869)
      ImageResizer (>= 4.0.0-prerelease0869)
    ImageResizer.Plugins.Watermark (4.0.0-prerelease0869)
      ImageResizer (>= 4.0.0-prerelease0869)
    ImageResizer.Plugins.WebP (4.0.0-prerelease0869)
      ImageResizer (>= 4.0.0-prerelease0869)
      Imazen.WebP (>= 4.0.0-prerelease0869)
    ImageResizer.Plugins.WhitespaceTrimmer (4.0.0-prerelease0869)
      AForge.Imaging
      ImageResizer (>= 4.0.0-prerelease0869)
    ImageResizer.Plugins.Wic (4.0.0-prerelease0869)
      ImageResizer (>= 4.0.0-prerelease0869)
    ImageResizer.Storage (4.0.0-prerelease0869)
      ImageResizer (>= 4.0.0-prerelease0869)
    ImageResizer.WebConfig (4.0.0-prerelease0869)
      ImageResizer (>= 4.0.0-prerelease0869)
    Imazen.WebP (4.0.0-prerelease0869)
