NUGET
  remote: https://nuget.org/api/v2
  specs:
    AForge (2.2.5)
    AForge.Imaging (2.2.5)
      AForge (>= 2.2.5)
      AForge.Math (>= 2.2.5)
    AForge.Math (2.2.5)
      AForge (>= 2.2.5)
    Appfail.WebForms (1.1.0)
    AWSSDK (2.3.18.0)
      Microsoft.Net.Http (>= 2.1.10) - wpv8.0
    Microsoft.Bcl (1.1.9)
      Microsoft.Bcl.Build (>= 1.0.14)
    Microsoft.Bcl.Build (1.0.21)
    Microsoft.Data.Edm (5.6.3)
    Microsoft.Data.OData (5.6.3)
      Microsoft.Data.Edm (5.6.3)
      System.Spatial (5.6.3)
    Microsoft.Data.Services.Client (5.6.3) - >= net40
      Microsoft.Data.OData (5.6.3)
    Microsoft.Net.Http (2.2.28) - wpv8.0
      Microsoft.Bcl (>= 1.1.9)
      Microsoft.Bcl.Build (>= 1.0.14)
    Microsoft.WindowsAzure.ConfigurationManager (2.0.3) - >= net40
    Newtonsoft.Json (6.0.8) - >= net40, wpv8.0
    NLog (3.2.0.0)
    OpenCvSharp-WithoutDll (2.4.10.20141111)
    System.Spatial (5.6.3)
    WindowsAzure.Storage (4.3.0)
      Microsoft.Data.OData (>= 5.6.2)
      Microsoft.Data.Services.Client (>= 5.6.2) - >= net40
      Microsoft.WindowsAzure.ConfigurationManager (>= 1.8.0.0) - >= net40
      Newtonsoft.Json (>= 5.0.8) - >= net40, wpv8.0
  remote: https://www.myget.org/F/imazen-nightlies
  specs:
    ImageResizer (4.0.0-prerelease0500)
    ImageResizer.Plugins.AdvancedFilters (4.0.0-prerelease0500)
      AForge.Imaging
      ImageResizer (>= 4.0.0-prerelease0500)
    ImageResizer.Plugins.AnimatedGifs (4.0.0-prerelease0500)
      ImageResizer (>= 4.0.0-prerelease0500)
    ImageResizer.Plugins.AzureReader2 (4.0.0-prerelease0500)
      ImageResizer (>= 4.0.0-prerelease0500)
      WindowsAzure.Storage (>= 2.0)
    ImageResizer.Plugins.CloudFront (4.0.0-prerelease0500)
      ImageResizer (>= 4.0.0-prerelease0500)
    ImageResizer.Plugins.DiskCache (4.0.0-prerelease0500)
      ImageResizer (>= 4.0.0-prerelease0500)
    ImageResizer.Plugins.Faces (4.0.0-prerelease0500)
      ImageResizer (>= 4.0.0-prerelease0500)
      OpenCvSharp-WithoutDll (>= 2.4.10.20141111)
    ImageResizer.Plugins.FFmpeg (4.0.0-prerelease0500)
      ImageResizer (>= 4.0.0-prerelease0500)
    ImageResizer.Plugins.FreeImage (4.0.0-prerelease0500)
      ImageResizer (>= 4.0.0-prerelease0500)
    ImageResizer.Plugins.Logging (4.0.0-prerelease0500)
      ImageResizer (>= 4.0.0-prerelease0500)
      NLog
    ImageResizer.Plugins.PdfRenderer (4.0.0-prerelease0500)
      ImageResizer (>= 4.0.0-prerelease0500)
    ImageResizer.Plugins.PrettyGifs (4.0.0-prerelease0500)
      ImageResizer (>= 4.0.0-prerelease0500)
    ImageResizer.Plugins.PsdComposer (4.0.0-prerelease0500)
      ImageResizer (>= 4.0.0-prerelease0500)
    ImageResizer.Plugins.PsdReader (4.0.0-prerelease0500)
      ImageResizer (>= 4.0.0-prerelease0500)
    ImageResizer.Plugins.RedEye (4.0.0-prerelease0500)
      ImageResizer (>= 4.0.0-prerelease0500)
      ImageResizer.Plugins.Faces (>= 4.0.0-prerelease0500)
      OpenCvSharp-WithoutDll (>= 2.4.10.20141111)
    ImageResizer.Plugins.RemoteReader (4.0.0-prerelease0500)
      ImageResizer (>= 4.0.0-prerelease0500)
    ImageResizer.Plugins.S3Reader2 (4.0.0-prerelease0500)
      AWSSDK (>= 2.0 <  3.0)
      ImageResizer (>= 4.0.0-prerelease0500)
    ImageResizer.Plugins.SeamCarving (4.0.0-prerelease0500)
      ImageResizer (>= 4.0.0-prerelease0500)
    ImageResizer.Plugins.SimpleFilters (4.0.0-prerelease0500)
      ImageResizer (>= 4.0.0-prerelease0500)
    ImageResizer.Plugins.Watermark (4.0.0-prerelease0500)
      ImageResizer (>= 4.0.0-prerelease0500)
    ImageResizer.Plugins.WebP (4.0.0-prerelease0500)
      ImageResizer (>= 4.0.0-prerelease0500)
      Imazen.WebP (>= 4.0.0-prerelease0500)
    ImageResizer.Plugins.WhitespaceTrimmer (4.0.0-prerelease0500)
      AForge.Imaging
      ImageResizer (>= 4.0.0-prerelease0500)
    ImageResizer.Plugins.Wic (4.0.0-prerelease0500)
      ImageResizer (>= 4.0.0-prerelease0500)
    Imazen.WebP (4.0.0-prerelease0500)
