NUGET
  remote: https://nuget.org/api/v2
  specs:
    AForge (2.2.5)
    AForge.Imaging (2.2.5)
      AForge (>= 2.2.5)
      AForge.Math (>= 2.2.5)
    AForge.Math (2.2.5)
      AForge (>= 2.2.5)
    Appfail.WebForms (1.1.0)
    AWSSDK.Core (3.1.1.1)
      Microsoft.Net.Http (>= 2.2.29) - framework: portable-net45+win+wpa81+wp80+MonoAndroid10+xamarinios10+MonoTouch10
      PCLCrypto (>= 1.0.2.15130) - framework: portable-net45+win+wpa81+wp80+MonoAndroid10+xamarinios10+MonoTouch10
      PCLStorage (>= 1.0.2) - framework: portable-net45+win+wpa81+wp80+MonoAndroid10+xamarinios10+MonoTouch10
    AWSSDK.S3 (3.1.2.1)
      AWSSDK.Core (>= 3.1.1.0 < 3.2)
    DotNetZip.Reduced (1.9.1.8)
    Microsoft.Bcl (1.1.10)
      Microsoft.Bcl.Build (>= 1.0.14)
    Microsoft.Bcl.Async (1.0.168)
      Microsoft.Bcl (>= 1.1.8)
    Microsoft.Bcl.Build (1.0.21)
    Microsoft.Data.Edm (5.6.4)
    Microsoft.Data.OData (5.6.4) - framework: winv4.5, wpv8.1, wpv8.0, >= net40
      Microsoft.Data.Edm (5.6.4)
      System.Spatial (5.6.4)
    Microsoft.Data.Services.Client (5.6.4) - framework: >= net40
      Microsoft.Data.OData (5.6.4)
    Microsoft.Net.Http (2.2.29) - framework: portable-net45+win+wpa81+wp80+MonoAndroid10+xamarinios10+MonoTouch10
      Microsoft.Bcl (>= 1.1.10)
      Microsoft.Bcl.Build (>= 1.0.14)
    Microsoft.WindowsAzure.ConfigurationManager (3.1.0)
    mongocsharpdriver (2.0.1)
      MongoDB.Bson (>= 2.0.1)
      MongoDB.Driver (>= 2.0.1)
      MongoDB.Driver.Core (>= 2.0.1)
    MongoDB.Bson (2.0.1)
    MongoDB.Driver (2.0.1)
      MongoDB.Bson (>= 2.0.1)
      MongoDB.Driver.Core (>= 2.0.1)
    MongoDB.Driver.Core (2.0.1)
      MongoDB.Bson (>= 2.0.1)
    Mono.Security (3.2.3) - framework: >= net40
    Newtonsoft.Json (7.0.1) - framework: wpv8.0, >= net40
    NLog (4.1.1)
    OpenCvSharp-WithoutDll (2.4.10.20150820)
    PCLCrypto (1.0.2.15130) - framework: portable-net45+win+wpa81+wp80+MonoAndroid10+xamarinios10+MonoTouch10
      Mono.Security (>= 3.2.3.0 < 4.0) - framework: >= net40
      Validation (>= 2.0.6 < 3.0)
    PCLStorage (1.0.2) - framework: portable-net45+win+wpa81+wp80+MonoAndroid10+xamarinios10+MonoTouch10
      Microsoft.Bcl (>= 1.1.6)
      Microsoft.Bcl.Async (>= 1.0.165)
    System.Spatial (5.6.4)
    Validation (2.0.6.15003)
    WindowsAzure.Storage (4.3.0)
      Microsoft.Data.OData (>= 5.6.2) - framework: winv4.5, wpv8.1, wpv8.0, >= net40
      Microsoft.Data.Services.Client (>= 5.6.2) - framework: >= net40
      Microsoft.WindowsAzure.ConfigurationManager (>= 1.8.0.0) - framework: >= net40
      Newtonsoft.Json (>= 5.0.8) - framework: wpv8.0, >= net40
  remote: https://www.myget.org/F/imazen-nightlies
  specs:
    ImageResizer (4.0.0-prerelease0899)
    ImageResizer.Mvc (4.0.0-prerelease0899)
      ImageResizer (>= 4.0.0-prerelease0899)
    ImageResizer.MvcWebConfig (4.0.0-prerelease0899)
      ImageResizer (>= 4.0.0-prerelease0899)
      ImageResizer.WebConfig (>= 4.0.0-prerelease0899)
    ImageResizer.Plugins.AdvancedFilters (4.0.0-prerelease0899)
      AForge.Imaging
      ImageResizer (>= 4.0.0-prerelease0899)
    ImageResizer.Plugins.AnimatedGifs (4.0.0-prerelease0899)
      ImageResizer (>= 4.0.0-prerelease0899)
    ImageResizer.Plugins.AzureReader2 (4.0.0-prerelease0899)
      ImageResizer (>= 4.0.0-prerelease0899)
      ImageResizer.Storage (>= 4.0.0-prerelease0899)
      Microsoft.WindowsAzure.ConfigurationManager (>= 3.1.0 < 4.0)
      WindowsAzure.Storage (>= 4.3.0 < 5.0)
    ImageResizer.Plugins.BatchZipper (4.0.0-prerelease0899)
      DotNetZip.Reduced
      ImageResizer (>= 4.0.0-prerelease0899)
    ImageResizer.Plugins.CloudFront (4.0.0-prerelease0899)
      ImageResizer (>= 4.0.0-prerelease0899)
    ImageResizer.Plugins.CopyMetadata (4.0.0-prerelease0899)
      ImageResizer (>= 4.0.0-prerelease0899)
    ImageResizer.Plugins.DiagnosticJson (4.0.0-prerelease0899)
      ImageResizer (>= 4.0.0-prerelease0899)
    ImageResizer.Plugins.DiskCache (4.0.0-prerelease0899)
      ImageResizer (>= 4.0.0-prerelease0899)
    ImageResizer.Plugins.Faces (4.0.0-prerelease0899)
      ImageResizer (>= 4.0.0-prerelease0899)
      OpenCvSharp-WithoutDll (>= 2.4.10.20141111)
    ImageResizer.Plugins.FastScaling.x86 (4.0.0-prerelease0899)
      ImageResizer (>= 4.0.0-prerelease0899)
    ImageResizer.Plugins.FFmpeg (4.0.0-prerelease0899)
      ImageResizer (>= 4.0.0-prerelease0899)
    ImageResizer.Plugins.FreeImage (4.0.0-prerelease0899)
      ImageResizer (>= 4.0.0-prerelease0899)
    ImageResizer.Plugins.Logging (4.0.0-prerelease0899)
      ImageResizer (>= 4.0.0-prerelease0899)
      NLog
    ImageResizer.Plugins.MongoReader (4.0.0-prerelease0899)
      ImageResizer (>= 4.0.0-prerelease0899)
      ImageResizer.Storage (>= 4.0.0-prerelease0899)
      mongocsharpdriver
    ImageResizer.Plugins.PdfiumRenderer (4.0.0-prerelease0899)
      ImageResizer (>= 4.0.0-prerelease0899)
    ImageResizer.Plugins.PdfRenderer (4.0.0-prerelease0899)
      ImageResizer (>= 4.0.0-prerelease0899)
    ImageResizer.Plugins.PrettyGifs (4.0.0-prerelease0899)
      ImageResizer (>= 4.0.0-prerelease0899)
    ImageResizer.Plugins.PsdComposer (4.0.0-prerelease0899)
      ImageResizer (>= 4.0.0-prerelease0899)
    ImageResizer.Plugins.PsdReader (4.0.0-prerelease0899)
      ImageResizer (>= 4.0.0-prerelease0899)
    ImageResizer.Plugins.RedEye (4.0.0-prerelease0899)
      ImageResizer (>= 4.0.0-prerelease0899)
      ImageResizer.Plugins.Faces (>= 4.0.0-prerelease0899)
      OpenCvSharp-WithoutDll (>= 2.4.10.20141111)
    ImageResizer.Plugins.RemoteReader (4.0.0-prerelease0899)
      ImageResizer (>= 4.0.0-prerelease0899)
    ImageResizer.Plugins.S3Reader2 (4.0.0-prerelease0899)
      AWSSDK.Core (>= 3.0 < 4.0)
      AWSSDK.S3 (>= 3.0 < 4.0)
      ImageResizer (>= 4.0.0-prerelease0899)
      ImageResizer.Storage (>= 4.0.0-prerelease0899)
    ImageResizer.Plugins.SeamCarving (4.0.0-prerelease0899)
      ImageResizer (>= 4.0.0-prerelease0899)
    ImageResizer.Plugins.SimpleFilters (4.0.0-prerelease0899)
      ImageResizer (>= 4.0.0-prerelease0899)
    ImageResizer.Plugins.SqlReader (4.0.0-prerelease0899)
      ImageResizer (>= 4.0.0-prerelease0899)
      ImageResizer.Storage (>= 4.0.0-prerelease0899)
    ImageResizer.Plugins.TinyCache (4.0.0-prerelease0899)
      ImageResizer (>= 4.0.0-prerelease0899)
    ImageResizer.Plugins.Watermark (4.0.0-prerelease0899)
      ImageResizer (>= 4.0.0-prerelease0899)
    ImageResizer.Plugins.WebP (4.0.0-prerelease0899)
      ImageResizer (>= 4.0.0-prerelease0899)
      Imazen.WebP (>= 4.0.0-prerelease0899)
    ImageResizer.Plugins.WhitespaceTrimmer (4.0.0-prerelease0899)
      AForge.Imaging
      ImageResizer (>= 4.0.0-prerelease0899)
    ImageResizer.Plugins.Wic (4.0.0-prerelease0899)
      ImageResizer (>= 4.0.0-prerelease0899)
    ImageResizer.Storage (4.0.0-prerelease0899)
      ImageResizer (>= 4.0.0-prerelease0899)
    ImageResizer.WebConfig (4.0.0-prerelease0899)
      ImageResizer (>= 4.0.0-prerelease0899)
    ImageResizer.WebConfigAsync (4.0.0-prerelease0899)
      ImageResizer (>= 4.0.0-prerelease0899)
    Imazen.WebP (4.0.0-prerelease0899)
